GEM
  remote: https://rubygems.org/
  specs:
    hiredis (0.6.1)
    minitest (5.8.4)
    redis (3.3.0)

PLATFORMS
  ruby

DEPENDENCIES
  hiredis
  minitest
  redis

BUNDLED WITH
   1.12.1
