GEM
  remote: https://rubygems.org/
  specs:
    docile (1.1.5)
    json (1.8.3)
    minitest (5.8.4)
    simplecov (0.11.2)
      docile (~> 1.1.0)
      json (~> 1.8)
      simplecov-html (~> 0.10.0)
    simplecov-html (0.10.0)

PLATFORMS
  ruby

DEPENDENCIES
  minitest
  simplecov

BUNDLED WITH
   1.12.1
